GEM
  remote: http://rubygems.org/
  specs:
    gelf (1.3.2)
      json
    json (1.7.5)
    rake (0.9.2.2)
    simpleconfig (2.0.0)

PLATFORMS
  ruby

DEPENDENCIES
  gelf (~> 1.3.2)
  rake
  simpleconfig
